GEM
  specs:

PLATFORMS
  x86_64-darwin-19

DEPENDENCIES

BUNDLED WITH
   2.2.3
